GIT
  remote: git://github.com/oflannabhra/octopress-bootswatch.git
  revision: 2f5081683db0f367cc54ab7fe51e7b779c39479a
  branch: development
  specs:
    octopress-bootswatch (0.0.1)
      octopress-abort-tag
      octopress-assign-tag
      octopress-autoprefixer
      octopress-comment-tag
      octopress-content-for
      octopress-date-format
      octopress-feeds
      octopress-filter-tag
      octopress-ink
      octopress-linkblog
      octopress-return-tag
      octopress-wrap-tag

GIT
  remote: git://github.com/oflannabhra/octopress-spacegray.git
  revision: cedff9f8e107cf4105cfd720a7f3ca9b1793934f
  branch: development
  specs:
    octopress-spacegray (1.0.3)
      octopress-ink (~> 1.0.0.rc)

GEM
  remote: https://rubygems.org/
  specs:
    autoprefixer-rails (2.2.0.20140804)
      execjs
    blankslate (2.1.2.4)
    celluloid (0.16.0)
      timers (~> 4.0.0)
    classifier-reborn (2.0.3)
      fast-stemmer (~> 1.0)
    coffee-script (2.3.0)
      coffee-script-source
      execjs
    coffee-script-source (1.9.0)
    colorator (0.1)
    execjs (2.3.0)
    fast-stemmer (1.0.2)
    ffi (1.9.6)
    hitimes (1.2.2)
    jekyll (2.5.3)
      classifier-reborn (~> 2.0)
      colorator (~> 0.1)
      jekyll-coffeescript (~> 1.0)
      jekyll-gist (~> 1.0)
      jekyll-paginate (~> 1.0)
      jekyll-sass-converter (~> 1.0)
      jekyll-watch (~> 1.1)
      kramdown (~> 1.3)
      liquid (~> 2.6.1)
      mercenary (~> 0.3.3)
      pygments.rb (~> 0.6.0)
      redcarpet (~> 3.1)
      safe_yaml (~> 1.0)
      toml (~> 0.1.0)
    jekyll-coffeescript (1.0.1)
      coffee-script (~> 2.2)
    jekyll-gist (1.1.0)
    jekyll-paginate (1.1.0)
    jekyll-sass-converter (1.3.0)
      sass (~> 3.2)
    jekyll-watch (1.2.1)
      listen (~> 2.7)
    json (1.8.2)
    kramdown (1.5.0)
    liquid (2.6.2)
    listen (2.8.5)
      celluloid (>= 0.15.2)
      rb-fsevent (>= 0.9.3)
      rb-inotify (>= 0.9)
    mercenary (0.3.5)
    octopress (3.0.0.rc.32)
      jekyll (~> 2.0)
      mercenary (~> 0.3.2)
      octopress-deploy
      octopress-escape-code (~> 2.0)
      octopress-hooks (~> 2.0)
      titlecase
    octopress-abort-tag (1.0.2)
      jekyll (~> 2.0)
      octopress-tag-helpers (~> 1.0)
    octopress-assign-tag (1.0.2)
      jekyll (~> 2.0)
      octopress-tag-helpers (~> 1.0)
    octopress-autoprefixer (1.0.0)
      autoprefixer-rails (~> 2.2)
      jekyll (~> 2.0)
      octopress-hooks (~> 2.0)
    octopress-code-highlighter (4.2.3)
      colorator (~> 0.1)
    octopress-codefence (1.5.1)
      octopress-code-highlighter (~> 4.2)
      octopress-hooks (~> 2.1)
    octopress-comment-tag (1.0.1)
      jekyll
    octopress-content-for (1.0.4)
      jekyll (~> 2.0)
      octopress-tag-helpers (~> 1.0)
    octopress-date-format (3.0.2)
      jekyll (~> 2.0)
      octopress-hooks (~> 2.0)
    octopress-deploy (1.0.5)
      colorator
    octopress-escape-code (2.0.6)
      octopress-hooks (~> 2.0)
    octopress-feeds (1.3.1)
      octopress-abort-tag
      octopress-date-format
      octopress-ink (>= 1.0.0.rc)
      octopress-return-tag
    octopress-filter-tag (1.0.1)
      jekyll
      octopress-tag-helpers (~> 1.0)
    octopress-filters (1.2.6)
      jekyll
      octopress-hooks (~> 2.0)
      rubypants-unicode
      titlecase
    octopress-gist (1.3.5)
      octopress-code-highlighter (~> 4.2)
    octopress-hooks (2.4.1)
      jekyll (~> 2.0)
    octopress-include-tag (1.0.3)
      jekyll (~> 2.0)
      octopress-tag-helpers (~> 1.0)
    octopress-ink (1.0.0.rc.38)
      jekyll (~> 2.0)
      octopress (~> 3.0.0.rc)
      octopress-filters (~> 1.1)
      octopress-hooks (~> 2.2)
      octopress-include-tag (~> 1.0)
      uglifier (~> 2.5)
    octopress-linkblog (2.0.0)
      octopress-hooks (~> 2.1)
      titlecase
    octopress-markdown-tag (1.1.2)
      jekyll (~> 2.0)
    octopress-render-tag (1.0.6)
      jekyll (~> 2.0)
      octopress-tag-helpers (~> 1.0)
    octopress-return-tag (1.0.1)
      jekyll
      octopress-tag-helpers (~> 1.0)
    octopress-tag-helpers (1.0.2)
      jekyll (~> 2.0)
    octopress-wrap-tag (1.0.3)
      jekyll (~> 2.0)
      octopress-content-for (~> 1.0)
      octopress-include-tag (~> 1.0)
      octopress-render-tag (~> 1.0)
      octopress-tag-helpers (~> 1.0)
    parslet (1.5.0)
      blankslate (~> 2.0)
    posix-spawn (0.3.9)
    pygments.rb (0.6.2)
      posix-spawn (~> 0.3.6)
      yajl-ruby (~> 1.2.0)
    rb-fsevent (0.9.4)
    rb-inotify (0.9.5)
      ffi (>= 0.5.0)
    redcarpet (3.2.2)
    rubypants-unicode (0.2.5)
    safe_yaml (1.0.4)
    sass (3.4.11)
    timers (4.0.1)
      hitimes
    titlecase (0.1.1)
    toml (0.1.2)
      parslet (~> 1.5.0)
    uglifier (2.7.0)
      execjs (>= 0.3.0)
      json (>= 1.8.0)
    yajl-ruby (1.2.1)

PLATFORMS
  ruby

DEPENDENCIES
  octopress (~> 3.0.0.rc)
  octopress-bootswatch!
  octopress-codefence
  octopress-gist
  octopress-ink
  octopress-markdown-tag
  octopress-spacegray!
